PATH
  remote: .
  specs:
    membase-dump (0.0.1)
      active_support
      dalli

GEM
  remote: http://rubygems.org/
  specs:
    active_support (3.0.0)
      activesupport (= 3.0.0)
    activesupport (3.0.0)
    dalli (1.1.3)
    rake (0.8.7)

PLATFORMS
  ruby

DEPENDENCIES
  membase-dump!
  rake (= 0.8.7)
