GEM
  remote: http://rubygems.org/
  specs:
    active_support (3.0.0)
      activesupport (= 3.0.0)
    activesupport (3.0.0)
    dalli (1.1.3)

PLATFORMS
  ruby

DEPENDENCIES
  active_support
  dalli
